GEM
  remote: https://rubygems.org/
  specs:
    diff-lcs (1.2.5)
    jabber-bot (1.3.0)
      xmpp4r-simple (>= 0.8.7)
    rake (10.1.0)
    rcov (1.0.0)
    rspec (2.14.1)
      rspec-core (~> 2.14.0)
      rspec-expectations (~> 2.14.0)
      rspec-mocks (~> 2.14.0)
    rspec-core (2.14.7)
    rspec-expectations (2.14.4)
      diff-lcs (>= 1.1.3, < 2.0)
    rspec-mocks (2.14.4)
    xmpp4r (0.5.5)
    xmpp4r-simple (0.8.8)
      rake
      rcov
      xmpp4r (>= 0.3.2)

PLATFORMS
  ruby

DEPENDENCIES
  jabber-bot
  rake
  rspec
